GEM
  remote: https://rubygems.org/
  specs:
    libxml-ruby (2.7.0)

PLATFORMS
  ruby

DEPENDENCIES
  libxml-ruby (~> 2.7.0)
