GEM
  remote: https://rubygems.org/
  specs:
    libxml-ruby (2.7.0)
    rubyzip (1.1.6)
    zipruby (0.3.6)

PLATFORMS
  ruby

DEPENDENCIES
  libxml-ruby (~> 2.7.0)
  rubyzip (>= 1.0.0)
  zipruby
